GEM
  remote: http://rubygems.org/
  specs:
    RedCloth (4.3.2)
    activemodel (4.0.13)
      activesupport (= 4.0.13)
      builder (~> 3.1.0)
    activesupport (4.0.13)
      i18n (~> 0.6, >= 0.6.9)
      minitest (~> 4.2)
      multi_json (~> 1.3)
      thread_safe (~> 0.1)
      tzinfo (~> 0.3.37)
    addressable (2.5.2)
      public_suffix (>= 2.0.2, < 4.0)
    bacon (1.2.0)
    buftok (0.2.0)
    builder (3.1.4)
    calendar_helper (0.2.6)
      open4
    capistrano (2.15.5)
      highline
      net-scp (>= 1.0.0)
      net-sftp (>= 2.0.0)
      net-ssh (>= 2.0.14)
      net-ssh-gateway (>= 1.1.0)
    capistrano-unicorn (0.2.0)
      capistrano (< 3.0)
    carrierwave (1.2.1)
      activemodel (>= 4.0.0)
      activesupport (>= 4.0.0)
      mime-types (>= 1.16)
    carrierwave-sequel (0.1.1)
      carrierwave
      sequel
    compass-core (1.0.3)
      multi_json (~> 1.0)
      sass (>= 3.3.0, < 3.5)
    crass (1.0.3)
    daemons (1.0.10)
    dalli (2.7.6)
    domain_name (0.5.20170404)
      unf (>= 0.0.5, < 1.0.0)
    equalizer (0.0.11)
    execjs (2.0.2)
    faker (1.8.4)
      i18n (~> 0.5)
    faraday (0.13.1)
      multipart-post (>= 1.2, < 3)
    faraday_middleware (0.12.2)
      faraday (>= 0.7.4, < 1.0)
    feedjira (2.1.3)
      faraday (>= 0.9)
      faraday_middleware (>= 0.9)
      loofah (>= 2.0)
      sax-machine (>= 1.0)
    flickraw (0.9.9)
    gem_plugin (0.2.3)
    haml (4.0.7)
      tilt
    highline (1.7.10)
    http (3.0.0)
      addressable (~> 2.3)
      http-cookie (~> 1.0)
      http-form_data (>= 2.0.0.pre.pre2, < 3)
      http_parser.rb (~> 0.6.0)
    http-cookie (1.0.3)
      domain_name (~> 0.5)
    http-form_data (2.0.0)
    http_parser.rb (0.6.0)
    i18n (0.6.9)
    innate (2015.10.28)
      rack (~> 1.6.4)
    json (2.1.0)
    kgio (2.11.0)
    koala (3.0.0)
      addressable
      faraday
      json (>= 1.8)
    loofah (2.1.1)
      crass (~> 1.0.2)
      nokogiri (>= 1.5.9)
    memoizable (0.4.2)
      thread_safe (~> 0.3, >= 0.3.1)
    mime-types (1.25.1)
    mini_portile2 (2.3.0)
    minitest (4.7.5)
    mongrel (1.2.0.pre2)
      daemons (~> 1.0.10)
      gem_plugin (~> 0.2.3)
    multi_json (1.12.2)
    multipart-post (2.0.0)
    naught (1.1.0)
    net-scp (1.2.1)
      net-ssh (>= 2.6.5)
    net-sftp (2.1.2)
      net-ssh (>= 2.6.5)
    net-ssh (4.2.0)
    net-ssh-gateway (2.0.0)
      net-ssh (>= 4.0.0)
    nokogiri (1.8.1)
      mini_portile2 (~> 2.3.0)
    open4 (1.3.4)
    public_suffix (3.0.1)
    rack (1.6.8)
    raindrops (0.19.0)
    rake (12.2.1)
    ramaze (2012.12.08)
      innate (>= 2012.12)
      rake
    rdiscount (2.2.0.1)
    redcarpet (3.4.0)
    rmagick (2.16.0)
    sass (3.4.25)
    sax-machine (1.3.2)
    sequel (3.44.0)
    simple_oauth (0.3.1)
    subcommand (1.0.6)
    term-ansicolor (1.0.7)
    thread_safe (0.3.6)
    tilt (2.0.8)
    tlsmail (0.0.1)
    truncate_html (0.9.3)
    twitter (6.2.0)
      addressable (~> 2.3)
      buftok (~> 0.2.0)
      equalizer (~> 0.0.11)
      http (~> 3.0)
      http-form_data (~> 2.0)
      http_parser.rb (~> 0.6.0)
      memoizable (~> 0.4.0)
      multipart-post (~> 2.0)
      naught (~> 1.0)
      simple_oauth (~> 0.3.0)
    tzinfo (0.3.53)
    uglifier (4.0.2)
      execjs (>= 0.3.0, < 3)
    unf (0.1.4)
      unf_ext
    unf_ext (0.0.7.4)
    unicorn (4.8.0)
      kgio (~> 2.6)
      rack
      raindrops (~> 0.7)

PLATFORMS
  ruby

DEPENDENCIES
  RedCloth
  bacon
  builder
  calendar_helper
  capistrano (= 2.15.5)
  capistrano-unicorn
  carrierwave
  carrierwave-sequel
  compass-core
  dalli
  execjs (= 2.0.2)
  faker
  feedjira
  flickraw
  haml (= 4.0.7)
  highline
  i18n (= 0.6.9)
  json
  koala
  mime-types (= 1.25.1)
  mongrel (>= 1.2.0.pre2)
  nokogiri
  rack
  rake (= 12.2.1)
  ramaze
  rdiscount
  redcarpet
  rmagick
  sass
  sequel (= 3.44.0)
  subcommand
  term-ansicolor (= 1.0.7)
  tlsmail
  truncate_html
  twitter
  uglifier
  unicorn (= 4.8.0)

BUNDLED WITH
   1.16.0
