GEM
  remote: http://rubygems.org/
  specs:
    RedCloth (4.2.9)
    activesupport (3.2.16)
      i18n (~> 0.6, >= 0.6.4)
      multi_json (~> 1.0)
    addressable (2.3.5)
    bacon (1.2.0)
    builder (3.2.2)
    calendar_helper (0.2.6)
      open4
    capistrano (2.15.5)
      highline
      net-scp (>= 1.0.0)
      net-sftp (>= 2.0.0)
      net-ssh (>= 2.0.14)
      net-ssh-gateway (>= 1.1.0)
    carrierwave (0.5.8)
      activesupport (~> 3.0)
    carrierwave-sequel (0.1.0)
      carrierwave
      sequel
    cgi_multipart_eof_fix (2.5.0)
    daemons (1.1.9)
    dalli (2.7.0)
    execjs (2.0.2)
    faker (1.2.0)
      i18n (~> 0.5)
    faraday (0.9.0)
      multipart-post (>= 1.2, < 3)
    fastthread (1.0.7)
    gem_plugin (0.2.3)
    haml (3.1.7)
    highline (1.6.20)
    i18n (0.6.9)
    innate (2013.02.21)
      rack (~> 1.5.2)
    json (1.8.1)
    kgio (2.8.1)
    koala (1.8.0)
      addressable
      faraday
      multi_json
    mongrel (1.1.5)
      cgi_multipart_eof_fix (>= 2.4)
      daemons (>= 1.0.3)
      fastthread (>= 1.0.1)
      gem_plugin (>= 0.2.3)
    multi_json (1.8.4)
    multipart-post (2.0.0)
    net-scp (1.1.2)
      net-ssh (>= 2.6.5)
    net-sftp (2.1.2)
      net-ssh (>= 2.6.5)
    net-ssh (2.7.0)
    net-ssh-gateway (1.2.0)
      net-ssh (>= 2.6.5)
    open4 (1.3.0)
    pg (0.17.1)
    rack (1.5.2)
    raindrops (0.12.0)
    rake (10.1.1)
    ramaze (2012.12.08)
      innate (>= 2012.12)
      rake
    rdiscount (2.1.7)
    rmagick (2.13.2)
    sass (3.2.6)
    sequel (3.44.0)
    subcommand (1.0.6)
    system_timer (1.2.4)
    term-ansicolor (1.0.7)
    tlsmail (0.0.1)
    uglifier (2.4.0)
      execjs (>= 0.3.0)
      json (>= 1.8.0)
    unicorn (4.8.0)
      kgio (~> 2.6)
      rack
      raindrops (~> 0.7)

PLATFORMS
  ruby

DEPENDENCIES
  RedCloth
  bacon
  builder
  calendar_helper
  capistrano (= 2.15.5)
  carrierwave
  carrierwave-sequel
  dalli
  execjs
  faker
  haml (= 3.1.7)
  json
  koala
  mongrel
  pg
  rack (>= 1.5.2)
  ramaze
  rdiscount
  rmagick
  sass (= 3.2.6)
  sequel (= 3.44.0)
  subcommand
  system_timer
  term-ansicolor (= 1.0.7)
  tlsmail
  uglifier
  unicorn
