GEM
  remote: http://rubygems.org/
  specs:
    RedCloth (4.3.2)
    activemodel (3.2.14)
      activesupport (= 3.2.14)
      builder (~> 3.0.0)
    activesupport (3.2.14)
      i18n (~> 0.6, >= 0.6.4)
      multi_json (~> 1.0)
    addressable (2.4.0)
    bacon (1.2.0)
    buftok (0.2.0)
    builder (3.0.4)
    calendar_helper (0.2.6)
      open4
    capistrano (2.15.5)
      highline
      net-scp (>= 1.0.0)
      net-sftp (>= 2.0.0)
      net-ssh (>= 2.0.14)
      net-ssh-gateway (>= 1.1.0)
    capistrano-unicorn (0.2.0)
      capistrano (< 3.0)
    carrierwave (0.11.2)
      activemodel (>= 3.2.0)
      activesupport (>= 3.2.0)
      json (>= 1.7)
      mime-types (>= 1.16)
      mimemagic (>= 0.3.0)
    carrierwave-sequel (0.1.1)
      carrierwave
      sequel
    daemons (1.0.10)
    dalli (2.7.6)
    domain_name (0.5.20161021)
      unf (>= 0.0.5, < 1.0.0)
    equalizer (0.0.10)
    execjs (2.0.2)
    faker (1.6.6)
      i18n (~> 0.5)
    faraday (0.9.2)
      multipart-post (>= 1.2, < 3)
    faraday_middleware (0.10.0)
      faraday (>= 0.7.4, < 0.10)
    feedjira (2.0.0)
      faraday (~> 0.9)
      faraday_middleware (~> 0.9)
      loofah (~> 2.0)
      sax-machine (~> 1.0)
    flickraw (0.9.9)
    gem_plugin (0.2.3)
    haml (4.0.7)
      tilt
    highline (1.7.8)
    http (1.0.4)
      addressable (~> 2.3)
      http-cookie (~> 1.0)
      http-form_data (~> 1.0.1)
      http_parser.rb (~> 0.6.0)
    http-cookie (1.0.3)
      domain_name (~> 0.5)
    http-form_data (1.0.1)
    http_parser.rb (0.6.0)
    i18n (0.6.9)
    innate (2015.10.28)
      rack (~> 1.6.4)
    json (1.8.3)
    kgio (2.10.0)
    koala (2.4.0)
      addressable
      faraday
      multi_json (>= 1.3.0)
    loofah (2.0.3)
      nokogiri (>= 1.5.9)
    memoizable (0.4.2)
      thread_safe (~> 0.3, >= 0.3.1)
    mime-types (1.25.1)
    mimemagic (0.3.2)
    mini_portile2 (2.1.0)
    mongrel (1.2.0.pre2)
      daemons (~> 1.0.10)
      gem_plugin (~> 0.2.3)
    multi_json (1.12.1)
    multipart-post (2.0.0)
    naught (1.1.0)
    net-scp (1.2.1)
      net-ssh (>= 2.6.5)
    net-sftp (2.1.2)
      net-ssh (>= 2.6.5)
    net-ssh (3.2.0)
    net-ssh-gateway (1.2.0)
      net-ssh (>= 2.6.5)
    nokogiri (1.6.8.1)
      mini_portile2 (~> 2.1.0)
    open4 (1.3.4)
    pg (0.19.0)
    rack (1.6.4)
    raindrops (0.17.0)
    rake (11.3.0)
    ramaze (2012.12.08)
      innate (>= 2012.12)
      rake
    rdiscount (2.2.0.1)
    redcarpet (3.3.4)
    rmagick (2.16.0)
    sass (3.4.22)
    sax-machine (1.3.2)
    sequel (3.44.0)
    simple_oauth (0.3.1)
    subcommand (1.0.6)
    term-ansicolor (1.0.7)
    thread_safe (0.3.5)
    tilt (2.0.5)
    tlsmail (0.0.1)
    truncate_html (0.9.3)
    twitter (5.16.0)
      addressable (~> 2.3)
      buftok (~> 0.2.0)
      equalizer (= 0.0.10)
      faraday (~> 0.9.0)
      http (~> 1.0)
      http_parser.rb (~> 0.6.0)
      json (~> 1.8)
      memoizable (~> 0.4.0)
      naught (~> 1.0)
      simple_oauth (~> 0.3.0)
    uglifier (3.0.3)
      execjs (>= 0.3.0, < 3)
    unf (0.1.4)
      unf_ext
    unf_ext (0.0.7.2)
    unicorn (4.8.0)
      kgio (~> 2.6)
      rack
      raindrops (~> 0.7)

PLATFORMS
  ruby

DEPENDENCIES
  RedCloth
  activesupport (= 3.2.14)
  bacon
  builder
  calendar_helper
  capistrano (= 2.15.5)
  capistrano-unicorn
  carrierwave
  carrierwave-sequel
  dalli
  execjs (= 2.0.2)
  faker
  feedjira
  flickraw
  haml
  highline
  i18n (= 0.6.9)
  json
  koala
  mime-types (= 1.25.1)
  mongrel (>= 1.2.0.pre2)
  nokogiri
  pg
  rack
  ramaze
  rdiscount
  redcarpet
  rmagick
  sass
  sequel (= 3.44.0)
  subcommand
  term-ansicolor (= 1.0.7)
  tlsmail
  truncate_html
  twitter
  uglifier
  unicorn (= 4.8.0)

BUNDLED WITH
   1.13.6
