GEM
  remote: http://rubygems.org/
  specs:
    RedCloth (4.2.9)
    activesupport (3.2.12)
      i18n (~> 0.6)
      multi_json (~> 1.0)
    addressable (2.3.3)
    bacon (1.2.0)
    builder (3.2.0)
    calendar_helper (0.2.5)
      open4
    capistrano (2.14.2)
      highline
      net-scp (>= 1.0.0)
      net-sftp (>= 2.0.0)
      net-ssh (>= 2.0.14)
      net-ssh-gateway (>= 1.1.0)
    carrierwave (0.5.8)
      activesupport (~> 3.0)
    carrierwave-sequel (0.1.0)
      carrierwave
      sequel
    cgi_multipart_eof_fix (2.5.0)
    daemons (1.1.9)
    dalli (2.6.2)
    execjs (1.4.0)
      multi_json (~> 1.0)
    faker (1.1.2)
      i18n (~> 0.5)
    faraday (0.8.6)
      multipart-post (~> 1.1)
    fastthread (1.0.7)
    gem_plugin (0.2.3)
    haml (3.1.7)
    highline (1.6.16)
    i18n (0.6.4)
    innate (2013.02.21)
      rack (~> 1.5.2)
    json (1.7.7)
    koala (1.6.0)
      addressable (~> 2.2)
      faraday (~> 0.8)
      multi_json (~> 1.3)
    mongrel (1.1.5)
      cgi_multipart_eof_fix (>= 2.4)
      daemons (>= 1.0.3)
      fastthread (>= 1.0.1)
      gem_plugin (>= 0.2.3)
    multi_json (1.7.1)
    multipart-post (1.2.0)
    net-scp (1.1.0)
      net-ssh (>= 2.6.5)
    net-sftp (2.1.1)
      net-ssh (>= 2.6.5)
    net-ssh (2.6.6)
    net-ssh-gateway (1.2.0)
      net-ssh (>= 2.6.5)
    open4 (1.3.0)
    pg (0.14.1)
    rack (1.5.2)
    rake (10.0.3)
    ramaze (2012.12.08)
      innate (>= 2012.12)
      rake
    rdiscount (2.0.7.1)
    rmagick (2.13.2)
    sass (3.2.6)
    sequel (3.44.0)
    subcommand (1.0.6)
    system_timer (1.2.4)
    term-ansicolor (1.0.7)
    tlsmail (0.0.1)
    uglifier (1.3.0)
      execjs (>= 0.3.0)
      multi_json (~> 1.0, >= 1.0.2)

PLATFORMS
  ruby

DEPENDENCIES
  RedCloth
  bacon
  builder
  calendar_helper
  capistrano
  carrierwave
  carrierwave-sequel
  dalli
  execjs
  faker
  haml (= 3.1.7)
  json
  koala
  mongrel
  pg
  rack (>= 1.5.2)
  ramaze
  rdiscount
  rmagick
  sass (= 3.2.6)
  sequel (= 3.44.0)
  subcommand
  system_timer
  term-ansicolor (= 1.0.7)
  tlsmail
  uglifier
