GEM
  remote: http://rubygems.org/
  specs:
    RedCloth (4.2.9)
    bacon (1.1.0)
    capistrano (2.13.5)
      highline
      net-scp (>= 1.0.0)
      net-sftp (>= 2.0.0)
      net-ssh (>= 2.0.14)
      net-ssh-gateway (>= 1.1.0)
    cgi_multipart_eof_fix (2.5.0)
    daemons (1.1.9)
    dalli (2.3.0)
    faker (1.1.2)
      i18n (~> 0.5)
    fastthread (1.0.7)
    gem_plugin (0.2.3)
    haml (3.1.7)
    highline (1.6.15)
    i18n (0.6.1)
    innate (2012.03)
      rack (~> 1.4.1)
    json (1.7.5)
    mongrel (1.1.5)
      cgi_multipart_eof_fix (>= 2.4)
      daemons (>= 1.0.3)
      fastthread (>= 1.0.1)
      gem_plugin (>= 0.2.3)
    net-scp (1.0.4)
      net-ssh (>= 1.99.1)
    net-sftp (2.0.5)
      net-ssh (>= 2.0.9)
    net-ssh (2.6.1)
    net-ssh-gateway (1.1.0)
      net-ssh (>= 1.99.1)
    pg (0.14.1)
    rack (1.4.1)
    ramaze (2012.04.14)
      innate (>= 2012.03)
    rmagick (2.13.1)
    sass (3.2.2)
    sequel (3.41.0)
    subcommand (1.0.6)
    term-ansicolor (1.0.7)
    tlsmail (0.0.1)

PLATFORMS
  ruby

DEPENDENCIES
  RedCloth
  bacon
  capistrano
  dalli
  faker
  haml
  json
  mongrel
  pg
  ramaze
  rmagick
  sass
  sequel
  subcommand
  term-ansicolor
  tlsmail
