GEM
  remote: http://rubygems.org/
  specs:
    RedCloth (4.2.9)
    bacon (1.2.0)
    builder (3.1.4)
    capistrano (2.14.2)
      highline
      net-scp (>= 1.0.0)
      net-sftp (>= 2.0.0)
      net-ssh (>= 2.0.14)
      net-ssh-gateway (>= 1.1.0)
    cgi_multipart_eof_fix (2.5.0)
    daemons (1.1.9)
    dalli (2.6.2)
    execjs (1.4.0)
      multi_json (~> 1.0)
    faker (1.1.2)
      i18n (~> 0.5)
    fastthread (1.0.7)
    gem_plugin (0.2.3)
    haml (3.1.7)
    highline (1.6.15)
    i18n (0.6.1)
    innate (2011.10)
      rack (>= 1.1.0)
    json (1.7.6)
    mongrel (1.1.5)
      cgi_multipart_eof_fix (>= 2.4)
      daemons (>= 1.0.3)
      fastthread (>= 1.0.1)
      gem_plugin (>= 0.2.3)
    multi_json (1.5.0)
    net-scp (1.1.0)
      net-ssh (>= 2.6.5)
    net-sftp (2.1.1)
      net-ssh (>= 2.6.5)
    net-ssh (2.6.5)
    net-ssh-gateway (1.2.0)
      net-ssh (>= 2.6.5)
    pg (0.14.1)
    rack (1.5.2)
    ramaze (2011.10.23)
      innate (>= 2010.03)
    rmagick (2.13.2)
    sass (3.2.5)
    sequel (3.44.0)
    subcommand (1.0.6)
    term-ansicolor (1.0.7)
    tlsmail (0.0.1)
    uglifier (1.3.0)
      execjs (>= 0.3.0)
      multi_json (~> 1.0, >= 1.0.2)

PLATFORMS
  ruby

DEPENDENCIES
  RedCloth
  bacon
  builder
  capistrano
  dalli
  execjs
  faker
  haml
  json
  mongrel
  pg
  rack (>= 1.5.2)
  ramaze
  rmagick
  sass
  sequel
  subcommand
  term-ansicolor
  tlsmail
  uglifier
