GEM
  remote: http://rubygems.org/
  specs:
    RedCloth (4.2.9)
    activemodel (3.2.14)
      activesupport (= 3.2.14)
      builder (~> 3.0.0)
    activesupport (3.2.14)
      i18n (~> 0.6, >= 0.6.4)
      multi_json (~> 1.0)
    addressable (2.3.8)
    bacon (1.2.0)
    buftok (0.2.0)
    builder (3.0.4)
    calendar_helper (0.2.6)
      open4
    capistrano (2.15.5)
      highline
      net-scp (>= 1.0.0)
      net-sftp (>= 2.0.0)
      net-ssh (>= 2.0.14)
      net-ssh-gateway (>= 1.1.0)
    carrierwave (0.10.0)
      activemodel (>= 3.2.0)
      activesupport (>= 3.2.0)
      json (>= 1.7)
      mime-types (>= 1.16)
    carrierwave-sequel (0.1.0)
      carrierwave
      sequel
    curb (0.8.8)
    daemons (1.0.10)
    dalli (2.7.4)
    equalizer (0.0.11)
    execjs (2.0.2)
    faker (1.4.3)
      i18n (~> 0.5)
    faraday (0.9.1)
      multipart-post (>= 1.2, < 3)
    feedjira (1.6.0)
      curb (~> 0.8)
      loofah (~> 2.0)
      sax-machine (~> 1.0)
    gem_plugin (0.2.3)
    haml (4.0.6)
      tilt
    highline (1.6.21)
    http (0.6.4)
      http_parser.rb (~> 0.6.0)
    http_parser.rb (0.6.0)
    i18n (0.6.9)
    innate (2013.02.21)
      rack (~> 1.5.2)
    json (1.8.2)
    kgio (2.9.3)
    koala (2.0.0)
      addressable
      faraday
      multi_json
    loofah (2.0.2)
      nokogiri (>= 1.5.9)
    memoizable (0.4.2)
      thread_safe (~> 0.3, >= 0.3.1)
    mime-types (1.25.1)
    mini_portile (0.6.2)
    mongrel (1.2.0.pre2)
      daemons (~> 1.0.10)
      gem_plugin (~> 0.2.3)
    multi_json (1.11.0)
    multipart-post (2.0.0)
    naught (1.0.0)
    net-scp (1.2.1)
      net-ssh (>= 2.6.5)
    net-sftp (2.1.2)
      net-ssh (>= 2.6.5)
    net-ssh (2.9.2)
    net-ssh-gateway (1.2.0)
      net-ssh (>= 2.6.5)
    nokogiri (1.6.6.2)
      mini_portile (~> 0.6.0)
    open4 (1.3.4)
    pg (0.18.2)
    rack (1.5.3)
    raindrops (0.13.0)
    rake (10.4.2)
    ramaze (2012.12.08)
      innate (>= 2012.12)
      rake
    rdiscount (2.1.8)
    redcarpet (3.2.3)
    rmagick (2.15.0)
    sass (3.4.14)
    sax-machine (1.3.2)
    sequel (3.44.0)
    simple_oauth (0.3.1)
    subcommand (1.0.6)
    term-ansicolor (1.0.7)
    thread_safe (0.3.5)
    tilt (2.0.1)
    tlsmail (0.0.1)
    twitter (5.14.0)
      addressable (~> 2.3)
      buftok (~> 0.2.0)
      equalizer (~> 0.0.9)
      faraday (~> 0.9.0)
      http (~> 0.6.0)
      http_parser.rb (~> 0.6.0)
      json (~> 1.8)
      memoizable (~> 0.4.0)
      naught (~> 1.0)
      simple_oauth (~> 0.3.0)
    uglifier (2.7.1)
      execjs (>= 0.3.0)
      json (>= 1.8.0)
    unicorn (4.8.0)
      kgio (~> 2.6)
      rack
      raindrops (~> 0.7)

PLATFORMS
  ruby

DEPENDENCIES
  RedCloth
  activesupport (= 3.2.14)
  bacon
  builder
  calendar_helper
  capistrano (= 2.15.5)
  carrierwave
  carrierwave-sequel
  dalli
  execjs (= 2.0.2)
  faker
  feedjira
  haml
  highline (= 1.6.21)
  i18n (= 0.6.9)
  json
  koala
  mime-types (= 1.25.1)
  mongrel (>= 1.2.0.pre2)
  pg
  rack (>= 1.5.2)
  ramaze
  rdiscount
  redcarpet
  rmagick
  sass
  sequel (= 3.44.0)
  subcommand
  term-ansicolor (= 1.0.7)
  tlsmail
  twitter
  uglifier
  unicorn (= 4.8.0)
